GEM
  remote: https://rubygems.org/
  specs:
    bashcov (3.1.2)
      simplecov (~> 0.22.0)
    docile (1.4.0)
    rexml (3.2.8)
    simplecov (0.22.0)
      docile (~> 1.1)
      simplecov-html (~> 0.11)
      simplecov_json_formatter (~> 0.1)
    simplecov-cobertura (2.1.0)
      rexml
      simplecov (~> 0.19)
    simplecov-html (0.12.3)
    simplecov_json_formatter (0.1.4)

PLATFORMS
  ruby
  x86_64-linux

DEPENDENCIES
  bashcov
  simplecov-cobertura

BUNDLED WITH
   2.6.0.dev
